GEM
  remote: http://rubygems.org/
  specs:
    activemodel (4.1.1)
      activesupport (= 4.1.1)
      builder (~> 3.1)
    activesupport (4.1.1)
      i18n (~> 0.6, >= 0.6.9)
      json (~> 1.7, >= 1.7.7)
      minitest (~> 5.1)
      thread_safe (~> 0.1)
      tzinfo (~> 1.1)
    addressable (2.3.6)
    asset_sync (1.0.0)
      activemodel
      fog (>= 1.8.0)
    builder (3.2.2)
    capybara (2.4.1)
      mime-types (>= 1.16)
      nokogiri (>= 1.3.3)
      rack (>= 1.0.0)
      rack-test (>= 0.5.4)
      xpath (~> 2.0)
    childprocess (0.5.3)
      ffi (~> 1.0, >= 1.0.11)
    chunky_png (1.3.1)
    cmdparse (2.0.6)
    coffee-script (2.2.0)
      coffee-script-source
      execjs
    coffee-script-source (1.7.0)
    compass (0.12.6)
      chunky_png (~> 1.2)
      fssm (>= 0.2.7)
      sass (~> 3.2.19)
    compass-import-once (1.0.4)
      sass (>= 3.2, < 3.5)
    diff-lcs (1.2.5)
    em-websocket (0.5.1)
      eventmachine (>= 0.12.9)
      http_parser.rb (~> 0.6.0)
    erubis (2.7.0)
    eventmachine (1.0.3)
    excon (0.38.0)
    execjs (2.2.0)
    ffi (1.9.3)
    fog (1.22.1)
      fog-brightbox
      fog-core (~> 1.22)
      fog-json
      ipaddress (~> 0.5)
      nokogiri (~> 1.5, >= 1.5.11)
    fog-brightbox (0.1.1)
      fog-core (~> 1.22)
      fog-json
      inflecto
    fog-core (1.23.0)
      builder
      excon (~> 0.38)
      formatador (~> 0.2)
      mime-types
      net-scp (~> 1.1)
      net-ssh (>= 2.1.3)
    fog-json (1.0.0)
      multi_json (~> 1.0)
    formatador (0.2.5)
    fssm (0.2.10)
    haml (4.0.5)
      tilt
    highline (1.6.21)
    hike (1.2.3)
    hooks (0.4.0)
      uber (~> 0.0.4)
    http_parser.rb (0.6.0)
    i18n (0.6.9)
    inflecto (0.0.2)
    ipaddress (0.8.0)
    json (1.8.1)
    kramdown (1.4.0)
    listen (1.3.1)
      rb-fsevent (>= 0.9.3)
      rb-inotify (>= 0.9)
      rb-kqueue (>= 0.2)
    middleman (3.3.3)
      coffee-script (~> 2.2.0)
      compass (>= 0.12.4)
      compass-import-once (= 1.0.4)
      execjs (~> 2.0)
      haml (>= 4.0.5)
      kramdown (~> 1.2)
      middleman-core (= 3.3.3)
      middleman-sprockets (>= 3.1.2)
      sass (>= 3.2.17, < 4.0)
      uglifier (~> 2.5)
    middleman-blog (3.5.3)
      addressable (~> 2.3.5)
      middleman-core (~> 3.2)
      tzinfo (>= 0.3.0)
    middleman-core (3.3.3)
      activesupport (~> 4.1.0)
      bundler (~> 1.1)
      erubis
      hooks (~> 0.3)
      i18n (~> 0.6.9)
      listen (~> 1.1)
      padrino-helpers (~> 0.12.1)
      rack (>= 1.4.5, < 2.0)
      rack-test (~> 0.6.2)
      thor (>= 0.15.2, < 2.0)
      tilt (~> 1.4.1, < 2.0)
    middleman-deploy (0.2.4)
      middleman-core (>= 3.0.0)
      net-sftp
      ptools
    middleman-livereload (3.3.4)
      em-websocket (~> 0.5.1)
      middleman-core (~> 3.2)
      rack-livereload (~> 0.3.15)
    middleman-sprockets (3.3.3)
      middleman-core (>= 3.2)
      sprockets (~> 2.2)
      sprockets-helpers (~> 1.1.0)
      sprockets-sass (~> 1.1.0)
    middleman-sync (3.0.12)
      asset_sync (~> 1.0.0)
      middleman-core (>= 3.0.0)
    middleman-syntax (2.0.0)
      middleman-core (~> 3.2)
      rouge (~> 1.0)
    mime-types (2.3)
    mini_portile (0.6.0)
    minitest (5.3.5)
    multi_json (1.10.1)
    net-http-persistent (2.9.4)
    net-scp (1.2.1)
      net-ssh (>= 2.6.5)
    net-sftp (2.1.2)
      net-ssh (>= 2.6.5)
    net-ssh (2.9.1)
    net-ssh-gateway (1.2.0)
      net-ssh (>= 2.6.5)
    nokogiri (1.6.2.1)
      mini_portile (= 0.6.0)
    padrino-helpers (0.12.2)
      i18n (~> 0.6, >= 0.6.7)
      padrino-support (= 0.12.2)
      tilt (~> 1.4.1)
    padrino-support (0.12.2)
      activesupport (>= 3.1)
    parallel (1.1.2)
    parallel_tests (0.16.6)
      parallel
    ptools (1.2.4)
    rack (1.5.2)
    rack-livereload (0.3.15)
      rack
    rack-test (0.6.2)
      rack (>= 1.0)
    rb-fsevent (0.9.4)
    rb-inotify (0.9.5)
      ffi (>= 0.5.0)
    rb-kqueue (0.2.3)
      ffi (>= 0.5.0)
    redcarpet (3.1.2)
    rest-client (1.6.7)
      mime-types (>= 1.16)
    rouge (1.4.0)
    rspec (3.0.0)
      rspec-core (~> 3.0.0)
      rspec-expectations (~> 3.0.0)
      rspec-mocks (~> 3.0.0)
    rspec-core (3.0.3)
      rspec-support (~> 3.0.0)
    rspec-expectations (3.0.3)
      diff-lcs (>= 1.2.0, < 2.0)
      rspec-support (~> 3.0.0)
    rspec-mocks (3.0.3)
      rspec-support (~> 3.0.0)
    rspec-support (3.0.3)
    rubyzip (1.1.6)
    sass (3.2.19)
    sauce (3.4.9)
      childprocess (>= 0.1.6)
      cmdparse (>= 2.0.2)
      highline (>= 1.5.0)
      json (>= 1.2.0)
      net-http-persistent
      net-ssh
      net-ssh-gateway
      parallel_tests (= 0.16.6)
      rest-client
      sauce_whisk (~> 0.0.11)
      selenium-webdriver (>= 0.1.2)
    sauce-connect (3.4.1)
      sauce (~> 3.4)
    sauce_whisk (0.0.13)
      json (~> 1.8.1)
      rest-client (~> 1.6.7)
    selenium-webdriver (2.42.0)
      childprocess (>= 0.5.0)
      multi_json (~> 1.0)
      rubyzip (~> 1.0)
      websocket (~> 1.0.4)
    sprockets (2.12.1)
      hike (~> 1.2)
      multi_json (~> 1.0)
      rack (~> 1.0)
      tilt (~> 1.1, != 1.3.0)
    sprockets-helpers (1.1.0)
      sprockets (~> 2.0)
    sprockets-sass (1.1.0)
      sprockets (~> 2.0)
      tilt (~> 1.1)
    thor (0.19.1)
    thread_safe (0.3.4)
    tilt (1.4.1)
    tzinfo (1.2.1)
      thread_safe (~> 0.1)
    uber (0.0.6)
    uglifier (2.5.1)
      execjs (>= 0.3.0)
      json (>= 1.8.0)
    websocket (1.0.7)
    xpath (2.0.0)
      nokogiri (~> 1.3)

PLATFORMS
  ruby

DEPENDENCIES
  builder (~> 3.0)
  capybara (~> 2.4.1)
  middleman (~> 3.3.3)
  middleman-blog (~> 3.5.3)
  middleman-deploy
  middleman-livereload (~> 3.3.4)
  middleman-sync
  middleman-syntax
  nokogiri
  parallel_tests
  redcarpet
  rspec (~> 3.0.0)
  sauce (~> 3.4.9)
  sauce-connect (~> 3.4.1)
